GEM
  remote: http://rubygems.org/
  specs:
    aaronh-chronic (0.3.9)
    abstract (1.0.0)
    actionmailer (2.3.8)
      actionpack (= 2.3.8)
    actionpack (2.3.8)
      activesupport (= 2.3.8)
      rack (~> 1.1.0)
    activerecord (2.3.8)
      activesupport (= 2.3.8)
    activeresource (2.3.8)
      activesupport (= 2.3.8)
    activesupport (2.3.8)
    authlogic (2.1.6)
      activesupport
    cancan (1.4.0)
    closure-compiler (0.3.3)
    erubis (2.6.6)
      abstract (>= 1.0.0)
    formtastic (1.1.0)
      actionpack (>= 2.3.0)
      activesupport (>= 2.3.0)
      i18n (>= 0.4.0)
    haml (3.0.21)
    has_scope (0.5.0)
    i18n (0.4.1)
    inherited_resources (1.0.6)
      has_scope (~> 0.5.0)
      responders (~> 0.4.6)
    jammit (0.5.3)
      closure-compiler (>= 0.1.0)
      yui-compressor (>= 0.9.1)
    machinist (1.0.6)
    menu_builder (0.2.1)
    mysql (2.8.1)
    nokogiri (1.4.3.1)
    paperclip (2.3.4)
      activerecord
      activesupport
    rack (1.1.0)
    rack-test (0.5.6)
      rack (>= 1.0)
    rails (2.3.8)
      actionmailer (= 2.3.8)
      actionpack (= 2.3.8)
      activerecord (= 2.3.8)
      activeresource (= 2.3.8)
      activesupport (= 2.3.8)
      rake (>= 0.8.3)
    rake (0.8.7)
    remarkable (3.1.13)
      rspec (>= 1.2.0)
    remarkable_activerecord (3.1.13)
      remarkable (~> 3.1.13)
      rspec (>= 1.2.0)
    remarkable_rails (3.1.13)
      remarkable (~> 3.1.13)
      remarkable_activerecord (~> 3.1.13)
      rspec (>= 1.2.0)
      rspec-rails (>= 1.2.0)
    responders (0.4.7)
    rspec (1.3.1)
    rspec-rails (1.3.3)
      rack (>= 1.0.0)
      rspec (= 1.3.1)
    webrat (0.7.1)
      nokogiri (>= 1.2.0)
      rack (>= 1.0)
      rack-test (>= 0.5.3)
    whenever (0.5.3)
      aaronh-chronic (>= 0.3.9)
      activesupport (>= 2.3.4)
    yui-compressor (0.9.1)

PLATFORMS
  ruby

DEPENDENCIES
  authlogic (= 2.1.6)
  cancan (= 1.4.0)
  erubis (= 2.6.6)
  formtastic (= 1.1.0)
  haml (= 3.0.21)
  inherited_resources (= 1.0.6)
  jammit (= 0.5.3)
  machinist (= 1.0.6)
  menu_builder (= 0.2.1)
  mysql (= 2.8.1)
  paperclip (= 2.3.4)
  rails (= 2.3.8)
  remarkable_rails (= 3.1.13)
  rspec-rails (= 1.3.3)
  webrat (= 0.7.1)
  whenever (= 0.5.3)
