GEM
  remote: http://rubygems.org/
  specs:
    abstract (1.0.0)
    actionmailer (2.3.8)
      actionpack (= 2.3.8)
    actionpack (2.3.8)
      activesupport (= 2.3.8)
      rack (~> 1.1.0)
    activerecord (2.3.8)
      activesupport (= 2.3.8)
    activeresource (2.3.8)
      activesupport (= 2.3.8)
    activesupport (2.3.8)
    authlogic (2.1.3)
      activesupport
    cancan (1.0.2)
    chronic (0.2.3)
      hoe (>= 1.2.1)
    closure-compiler (0.3.3)
    erubis (2.6.5)
      abstract (>= 1.0.0)
    formtastic (0.9.7)
      actionpack (>= 2.3.0)
      activesupport (>= 2.3.0)
    haml (2.2.15)
    hoe (2.6.2)
      rake (>= 0.8.7)
      rubyforge (>= 2.0.4)
    inherited_resources (0.9.4)
    jammit (0.3.2)
      closure-compiler (>= 0.1.0)
      rails (>= 2.0.0)
      yui-compressor (>= 0.9.1)
    json_pure (1.4.6)
    machinist (1.0.6)
    menu_builder (0.2.0)
    mysql (2.8.1)
    nokogiri (1.4.3.1)
    paperclip (2.3.1.1)
    rack (1.1.0)
    rack-test (0.5.6)
      rack (>= 1.0)
    rails (2.3.8)
      actionmailer (= 2.3.8)
      actionpack (= 2.3.8)
      activerecord (= 2.3.8)
      activeresource (= 2.3.8)
      activesupport (= 2.3.8)
      rake (>= 0.8.3)
    rake (0.8.7)
    remarkable (3.1.13)
      rspec (>= 1.2.0)
    remarkable_activerecord (3.1.13)
      remarkable (~> 3.1.13)
      rspec (>= 1.2.0)
    remarkable_rails (3.1.12)
      remarkable (~> 3.1.12)
      remarkable_activerecord (~> 3.1.12)
      rspec (>= 1.2.0)
      rspec-rails (>= 1.2.0)
    rspec (1.3.0)
    rspec-rails (1.3.2)
      rack (>= 1.0.0)
      rspec (>= 1.3.0)
    rubyforge (2.0.4)
      json_pure (>= 1.1.7)
    webrat (0.7.0)
      nokogiri (>= 1.2.0)
      rack (>= 1.0)
      rack-test (>= 0.5.3)
    whenever (0.4.1)
      chronic (>= 0.2.3)
    yui-compressor (0.9.1)

PLATFORMS
  ruby

DEPENDENCIES
  authlogic (= 2.1.3)
  cancan (= 1.0.2)
  erubis (= 2.6.5)
  formtastic (= 0.9.7)
  haml (= 2.2.15)
  inherited_resources (= 0.9.4)
  jammit (= 0.3.2)
  machinist (= 1.0.6)
  menu_builder (= 0.2.0)
  mysql (= 2.8.1)
  paperclip (= 2.3.1.1)
  rails (= 2.3.8)
  remarkable_rails (= 3.1.12)
  rspec (= 1.3.0)
  rspec-rails (= 1.3.2)
  webrat (= 0.7.0)
  whenever (= 0.4.1)
